{
	"Modality": "MR",
	"MagneticFieldStrength": 6.98,
	"ImagingFrequency": 297.203,
	"Manufacturer": "Siemens",
	"ManufacturersModelName": "Investigational_Device_7T",
	"InstitutionName": "UNC",
	"InstitutionalDepartmentName": "UNC 7T",
	"InstitutionAddress": "Mason Farm Road 125,Chapel Hill,NC,US,27514-5307",
	"DeviceSerialNumber": "18977",
	"StationName": "MRC18977",
	"PatientPosition": "HFS",
	"ProcedureStepDescription": "Head^Research",
	"SoftwareVersions": "syngo MR B17",
	"MRAcquisitionType": "3D",
	"SeriesDescription": "mp2rage_UNI-DEN",
	"ProtocolName": "mp2rage",
	"ScanningSequence": "GR\\IR",
	"SequenceVariant": "SP\\MP\\OSP",
	"ScanOptions": "IR\\PFP",
	"SequenceName": "tfl3d1_ns",
	"ImageType": ["ORIGINAL", "PRIMARY", "M", "ND", "UNI"],
	"NonlinearGradientCorrection": false,
	"SeriesNumber": 8,
	"AcquisitionTime": "11:17:12.345000",
	"AcquisitionNumber": 1,
	"ImageComments": "DENOISED IMAGE (lambda = 150)",
	"SliceThickness": 0.65,
	"SAR": 0.0566801,
	"EchoTime": 0.00191,
	"RepetitionTime": 6,
	"PartialFourier": 0.75,
	"BaseResolution": 308,
	"ShimSetting": [
		-86,
		-239,
		1186,
		431,
		-119,
		-1009,
		439,
		164	],
	"TxRefAmp": 225,
	"PhaseResolution": 1,
	"ReceiveCoilName": "32Ch_Head_7T",
	"CoilString": "C:A32",
	"PulseSequenceDetails": "%CustomerSeq%\\tfl_wip944_b17stx",
	"RefLinesPE": 32,
	"CoilCombinationMethod": "Adaptive Combine",
	"MatrixCoilMode": "GRAPPA",
	"PercentPhaseFOV": 98.7013,
	"PercentSampling": 100,
	"PhaseEncodingSteps": 227,
	"AcquisitionMatrixPE": 304,
	"ReconMatrixPE": 304,
	"ParallelReductionFactorInPlane": 3,
	"PixelBandwidth": 290,
	"DwellTime": 5.6e-06,
	"ImageOrientationPatientDICOM": [
		0,
		1,
		0,
		0,
		0,
		-1	],
	"ImageOrientationText": "Sag",
	"InPlanePhaseEncodingDirectionDICOM": "ROW",
	"ConversionSoftware": "dcm2niix",
	"ConversionSoftwareVersion": "v1.0.20220720"
}
