{
	"Modality": "MR",
	"MagneticFieldStrength": 3,
	"ImagingFrequency": 123.217,
	"Manufacturer": "Siemens",
	"ManufacturersModelName": "Prisma_fit",
	"InstitutionName": "University of North Carolina BRIC",
	"InstitutionalDepartmentName": "Department",
	"InstitutionAddress": "Mason Farm Rd 106,Chapel Hill,District,US,27599",
	"DeviceSerialNumber": "67094",
	"StationName": "Prisma",
	"BodyPartExamined": "BRAIN",
	"PatientPosition": "HFS",
	"ProcedureStepDescription": "Research^Xiaopeng",
	"SoftwareVersions": "syngo MR E11",
	"MRAcquisitionType": "3D",
	"SeriesDescription": "T2w_SPC",
	"ProtocolName": "T2w_SPC",
	"ScanningSequence": "SE",
	"SequenceVariant": "SK\\SP",
	"ScanOptions": "PFP",
	"SequenceName": "*spc_314ns",
	"ImageType": ["ORIGINAL", "PRIMARY", "M", "ND"],
	"NonlinearGradientCorrection": false,
	"SeriesNumber": 2,
	"AcquisitionTime": "14:25:22.012500",
	"AcquisitionNumber": 1,
	"SliceThickness": 0.8,
	"SAR": 0.127454,
	"EchoTime": 0.563,
	"RepetitionTime": 3.2,
	"SpoilingState": true,
	"FlipAngle": 120,
	"PartialFourier": 1,
	"BaseResolution": 320,
	"ShimSetting": [
		-1661,
		7477,
		6554,
		209,
		-33,
		-247,
		3,
		-14	],
	"TxRefAmp": 215.996,
	"PhaseResolution": 1,
	"ReceiveCoilName": "Head_32",
	"ReceiveCoilActiveElements": "HEA;HEP",
	"PulseSequenceDetails": "%SiemensSeq%\\tse_vfl",
	"RefLinesPE": 32,
	"CoilCombinationMethod": "Adaptive Combine",
	"ConsistencyInfo": "N4_VE11C_LATEST_20160120",
	"MatrixCoilMode": "GRAPPA",
	"PercentPhaseFOV": 100,
	"PercentSampling": 100,
	"EchoTrainLength": 314,
	"PhaseEncodingSteps": 317,
	"AcquisitionMatrixPE": 320,
	"ReconMatrixPE": 320,
	"ParallelReductionFactorInPlane": 2,
	"PixelBandwidth": 745,
	"DwellTime": 2.1e-06,
	"PhaseEncodingDirection": "i",
	"ImageOrientationPatientDICOM": [
		-0.02269,
		0.999743,
		-1.05625e-08,
		0.0174453,
		0.000395924,
		-0.999848	],
	"ImageOrientationText": "Sag>Cor(-1.3)>Tra(-1.0)",
	"InPlanePhaseEncodingDirectionDICOM": "ROW",
	"ConversionSoftware": "dcm2niix",
	"ConversionSoftwareVersion": "v1.0.20220720"
}
