{
	"Modality": "MR",
	"MagneticFieldStrength": 6.98,
	"ImagingFrequency": 297.203,
	"Manufacturer": "Siemens",
	"ManufacturersModelName": "Investigational_Device_7T",
	"InstitutionName": "University of North Carolina BRIC",
	"InstitutionalDepartmentName": "UNC 7T",
	"InstitutionAddress": "Mason Farm Road 125,Chapel Hill,NC,US,27514-5307",
	"DeviceSerialNumber": "18977",
	"StationName": "MRC18977",
	"PatientPosition": "HFS",
	"ProcedureStepDescription": "Head^Research",
	"SoftwareVersions": "syngo MR B17",
	"MRAcquisitionType": "3D",
	"SeriesDescription": "tse_vfl_pss_0.65mm",
	"ProtocolName": "tse_vfl_pss_0.65mm",
	"ScanningSequence": "SE",
	"SequenceVariant": "SK\\SP",
	"ScanOptions": "PFP",
	"SequenceName": "spc3d1_105ns",
	"ImageType": ["ORIGINAL", "PRIMARY", "M", "ND"],
	"NonlinearGradientCorrection": false,
	"SeriesNumber": 4,
	"AcquisitionTime": "13:21:57.300000",
	"AcquisitionNumber": 1,
	"SliceThickness": 0.65,
	"SAR": 0.121447,
	"EchoTime": 0.282,
	"RepetitionTime": 3,
	"SpoilingState": true,
	"FlipAngle": 120,
	"PartialFourier": 1,
	"BaseResolution": 320,
	"ShimSetting": [
		23,
		44,
		1039,
		621,
		94,
		-390,
		62,
		-56	],
	"TxRefAmp": 211,
	"PhaseResolution": 1.0119,
	"ReceiveCoilName": "32Ch_Head_7T",
	"CoilString": "C:A32",
	"PulseSequenceDetails": "%CustomerSeq%\\tse_vfl_pss_FatNav",
	"RefLinesPE": 30,
	"CoilCombinationMethod": "Adaptive Combine",
	"MatrixCoilMode": "GRAPPA",
	"PercentPhaseFOV": 78.75,
	"PercentSampling": 101.19,
	"EchoTrainLength": 105,
	"PhaseEncodingSteps": 254,
	"AcquisitionMatrixPE": 255,
	"ReconMatrixPE": 252,
	"ParallelReductionFactorInPlane": 3,
	"PixelBandwidth": 372,
	"DwellTime": 4.2e-06,
	"PhaseEncodingDirection": "i",
	"ImageOrientationPatientDICOM": [
		1,
		-2.05103e-10,
		0,
		2.05103e-10,
		1,
		0	],
	"ImageOrientationText": "Tra",
	"InPlanePhaseEncodingDirectionDICOM": "ROW",
	"ConversionSoftware": "dcm2niix",
	"ConversionSoftwareVersion": "v1.0.20220720"
}
